{
  "aor": 0.0027460365853658538,
  "aqi": 0.003584926280487805,
  "bids_meta": {
    "AcquisitionMatrixPE": 64,
    "AcquisitionNumber": 1,
    "AcquisitionTime": "07:54:6.515000",
    "BandwidthPerPixelPhaseEncode": 26.483,
    "BaseResolution": 64,
    "BodyPartExamined": "HEAD",
    "CogAtlasID": "TODO",
    "ConversionSoftware": "dcm2niix",
    "ConversionSoftwareVersion": "v1.0.20171017 GCC6.3.0",
    "DerivedVendorReportedEchoSpacing": 0.000590001,
    "DeviceSerialNumber": "35177",
    "DwellTime": 4.1e-06,
    "EchoTime": 0.027,
    "EffectiveEchoSpacing": 0.000590001,
    "FlipAngle": 90,
    "ImageOrientationPatientDICOM": [
      0.997236,
      -0.0648561,
      0.0362523,
      0.0602086,
      0.991282,
      0.117194
    ],
    "ImageType": [
      "ORIGINAL",
      "PRIMARY",
      "M",
      "ND",
      "NORM",
      "MOSAIC"
    ],
    "InPlanePhaseEncodingDirectionDICOM": "COL",
    "InstitutionAddress": "Scott_Ave._4525_St._Louis_MO_US_63110",
    "InstitutionName": "Washington_University",
    "InstitutionalDepartmentName": "Department",
    "MRAcquisitionType": "2D",
    "MagneticFieldStrength": 3,
    "Manufacturer": "Siemens",
    "ManufacturersModelName": "TrioTim",
    "Modality": "MR",
    "PartialFourier": 1,
    "PatientPosition": "HFS",
    "PercentPhaseFOV": 100,
    "PhaseEncodingDirection": "j-",
    "PhaseEncodingSteps": 64,
    "PhaseResolution": 1,
    "PixelBandwidth": 1905,
    "ProcedureStepDescription": "head_GREENE",
    "ProtocolName": "ep2d_bold_ad_rest",
    "PulseSequenceDetails": "%SiemensSeq%_ep2d_bold",
    "ReceiveCoilName": "HeadMatrix",
    "ReconMatrixPE": 64,
    "RepetitionTime": 2.5,
    "SAR": 0.162777,
    "ScanOptions": "FS",
    "ScanningSequence": "EP",
    "SequenceName": "_epfid2d1_64",
    "SequenceVariant": "SK",
    "SeriesDescription": "ep2d_bold_ad_rest",
    "SeriesNumber": 7,
    "ShimSetting": [
      -208,
      -18758,
      7392,
      -133,
      -18,
      1559,
      790,
      -65
    ],
    "SliceThickness": 4,
    "SliceTiming": [
      1.255,
      0,
      1.335,
      0.08,
      1.4125,
      0.1575,
      1.49,
      0.235,
      1.57,
      0.315,
      1.6475,
      0.3925,
      1.725,
      0.4725,
      1.805,
      0.55,
      1.8825,
      0.6275,
      1.9625,
      0.7075,
      2.04,
      0.785,
      2.1175,
      0.8625,
      2.1975,
      0.9425,
      2.275,
      1.02,
      2.3525,
      1.0975,
      2.4325,
      1.1775
    ],
    "SoftwareVersions": "syngo_MR_B17",
    "SpacingBetweenSlices": 4,
    "StationName": "MRC35177",
    "TaskName": "restfixationadaptive",
    "TotalReadoutTime": 0.0371701,
    "TxRefAmp": 345.106,
    "dataset": "ds000256",
    "dcmmeta_affine": [
      [
        -3.988943576812744,
        0.2408342808485031,
        0.17414778470993042,
        119.68867492675781
      ],
      [
        0.2594242990016937,
        3.9651291370391846,
        0.4587474465370178,
        -146.45001220703125
      ],
      [
        0.14500916004180908,
        -0.46877413988113403,
        3.969787120819092,
        -17.988414764404297
      ],
      [
        0.0,
        0.0,
        0.0,
        1.0
      ]
    ],
    "dcmmeta_reorient_transform": [
      [
        0.0,
        -1.0,
        0.0,
        63.0
      ],
      [
        1.0,
        0.0,
        0.0,
        0.0
      ],
      [
        0.0,
        0.0,
        1.0,
        0.0
      ],
      [
        0.0,
        0.0,
        0.0,
        1.0
      ]
    ],
    "dcmmeta_shape": [
      64,
      64,
      32,
      164
    ],
    "dcmmeta_slice_dim": 2,
    "dcmmeta_version": 0.6,
    "global": {
      "const": {
        "AccessionNumber": ".",
        "AcquisitionMatrix": [
          64,
          0,
          0,
          64
        ],
        "AngioFlag": "N",
        "BitsAllocated": 16,
        "BitsStored": 12,
        "BodyPartExamined": "HEAD",
        "Columns": 384,
        "DeidentificationMethodCodeSequence": [
          {
            "CodeMeaning": "XNAT Edit Script",
            "CodeValue": "625500",
            "CodingSchemeDesignator": "XNAT",
            "CodingSchemeVersion": "0.1"
          }
        ],
        "EchoNumbers": 1,
        "EchoTime": 27.0,
        "EchoTrainLength": 1,
        "FlipAngle": 90.0,
        "HighBit": 11,
        "ImageOrientationPatient": [
          0.99723591031084,
          -0.0648560772519,
          0.0362522886173,
          0.06020856947662,
          0.99128230222318,
          0.11719353847673
        ],
        "ImagePositionPatient": [
          -811.62569973282,
          -696.26590485719,
          -145.72651643929
        ],
        "ImageType": [
          "ORIGINAL",
          "PRIMARY",
          "M",
          "ND",
          "NORM",
          "MOSAIC"
        ],
        "ImagedNucleus": "1H",
        "ImagingFrequency": 123.256177,
        "InPlanePhaseEncodingDirection": "COL",
        "MRAcquisitionType": "2D",
        "MagneticFieldStrength": 3.0,
        "Manufacturer": "SIEMENS",
        "ManufacturerModelName": "TrioTim",
        "Modality": "MR",
        "NumberOfAverages": 1.0,
        "NumberOfPhaseEncodingSteps": 64,
        "PercentPhaseFieldOfView": 100.0,
        "PercentSampling": 100.0,
        "PerformedProcedureStepStartTime": "074016.093000",
        "PhotometricInterpretation": "MONOCHROME2",
        "PixelBandwidth": 1905.0,
        "PixelRepresentation": 0,
        "PixelSpacing": [
          4.0,
          4.0
        ],
        "PositionReferenceIndicator": "",
        "ProtocolName": "ep2d_bold_ad_rest",
        "RepetitionTime": 2500.0,
        "Rows": 384,
        "SAR": 0.16277656032394,
        "SamplesPerPixel": 1,
        "ScanOptions": "FS",
        "ScanningSequence": "EP",
        "SequenceName": "*epfid2d1_64",
        "SequenceVariant": "SK",
        "SeriesDescription": "ep2d_bold_ad_rest",
        "SeriesNumber": 7,
        "SeriesTime": "075408.203000",
        "SliceLocation": -29.437570581578,
        "SliceThickness": 4.0,
        "SmallestImagePixelValue": 0,
        "SoftwareVersions": "syngo MR B17",
        "SpacingBetweenSlices": 3.9999983507044,
        "SpecificCharacterSet": "ISO_IR 100",
        "StudyID": "1",
        "StudyTime": "074016.046000",
        "TransmitCoilName": "Body",
        "VariableFlipAngleFlag": "N",
        "WindowCenterWidthExplanation": "Algo1",
        "dBdt": 0.0
      },
