{
  "bids_meta": {
    "AcquisitionMatrixPE": 128,
    "AcquisitionNumber": 1,
    "AcquisitionTime": "19:16:39.100000",
    "BaseResolution": 256,
    "BodyPartExamined": "HEAD",
    "ConversionSoftware": "dcm2niix",
    "ConversionSoftwareVersion": "v1.0.20171017 GCC6.3.0",
    "DeviceSerialNumber": "35177",
    "DwellTime": 9.8e-06,
    "EchoTime": 0.084,
    "EchoTrainLength": 17,
    "FlipAngle": 120,
    "ImageOrientationPatientDICOM": [
      0.998451,
      -0.0551813,
      0.00716275,
      0.0552027,
      0.998471,
      -0.00282761
    ],
    "ImageType": [
      "ORIGINAL",
      "PRIMARY",
      "M",
      "ND",
      "NORM"
    ],
    "InPlanePhaseEncodingDirectionDICOM": "COL",
    "InstitutionAddress": "Scott_Ave._4525_St._Louis_MO_US_63110",
    "InstitutionName": "Washington_University",
    "InstitutionalDepartmentName": "Department",
    "MRAcquisitionType": "2D",
    "MagneticFieldStrength": 3,
    "Manufacturer": "Siemens",
    "ManufacturersModelName": "TrioTim",
    "Modality": "MR",
    "ParallelReductionFactorInPlane": 3,
    "PartialFourier": 1,
    "PatientPosition": "HFS",
    "PercentPhaseFOV": 100,
    "PhaseEncodingDirection": "j-",
    "PhaseEncodingSteps": 128,
    "PhaseResolution": 0.5,
    "PixelBandwidth": 199,
    "ProcedureStepDescription": "head_GREENE",
    "ProtocolName": "T2_weighted",
    "PulseSequenceDetails": "%SiemensSeq%_tse",
    "ReceiveCoilName": "HeadMatrix",
    "ReconMatrixPE": 256,
    "RepetitionTime": 6.8,
    "SAR": 0.504503,
    "ScanningSequence": "SE",
    "SequenceName": "_tse2d1_17",
    "SequenceVariant": "SK_SP",
    "SeriesDescription": "T2_weighted",
    "SeriesNumber": 4,
    "ShimSetting": [
      -277,
      -19423,
      8028,
      406,
      -153,
      -298,
      378,
      76
    ],
    "SliceThickness": 4,
    "SoftwareVersions": "syngo_MR_B17",
    "SpacingBetweenSlices": 4,
    "StationName": "MRC35177",
    "TxRefAmp": 349.339,
    "dataset": "ds000256",
    "dcmmeta_affine": [
      [
        -0.9984506368637085,
        0.05520272254943848,
        0.027982711791992188,
        109.1641616821289
      ],
      [
        0.05518130585551262,
        0.9984711408615112,
        -0.012874603271484375,
        -127.31905364990234
      ],
      [
        0.007162752095609903,
        0.0028276140801608562,
        3.9998855590820312,
        -35.90288543701172
      ],
      [
        0.0,
        0.0,
        0.0,
        1.0
      ]
    ],
    "dcmmeta_reorient_transform": [
      [
        0.0,
        -1.0,
        0.0,
        255.0
      ],
      [
        1.0,
        0.0,
        0.0,
        0.0
      ],
      [
        0.0,
        0.0,
        -1.0,
        31.0
      ],
      [
        0.0,
        0.0,
        0.0,
        1.0
      ]
    ],
    "dcmmeta_shape": [
      256,
      256,
      32
    ],
    "dcmmeta_slice_dim": 2,
    "dcmmeta_version": 0.6,
    "global": {
      "const": {
        "AccessionNumber": ".",
        "AcquisitionMatrix": [
          256,
          0,
          0,
          128
        ],
        "AcquisitionNumber": 1,
        "AngioFlag": "N",
        "BitsAllocated": 16,
        "BitsStored": 12,
        "BodyPartExamined": "HEAD",
        "Columns": 256,
        "DeidentificationMethodCodeSequence": [
          {
            "CodeMeaning": "XNAT Edit Script",
            "CodeValue": "625500",
            "CodingSchemeDesignator": "XNAT",
            "CodingSchemeVersion": "0.1"
          }
        ],
        "EchoNumbers": 1,
        "EchoTime": 84.0,
        "EchoTrainLength": 17,
        "FlipAngle": 120.0,
        "HighBit": 11,
        "ImageOrientationPatient": [
          0.99845065901167,
          -0.0551813057063,
          0.00716275224412,
          0.05520272384038,
          0.998471163269,
          -0.0028276139854
        ],
        "ImageType": [
          "ORIGINAL",
          "PRIMARY",
          "M",
          "ND",
          "NORM"
        ],
        "ImagedNucleus": "1H",
        "ImagingFrequency": 123.255863,
        "InPlanePhaseEncodingDirection": "COL",
        "MRAcquisitionType": "2D",
        "MagneticFieldStrength": 3.0,
        "Manufacturer": "SIEMENS",
        "ManufacturerModelName": "TrioTim",
        "Modality": "MR",
        "NumberOfAverages": 1.0,
        "NumberOfPhaseEncodingSteps": 128,
        "PercentPhaseFieldOfView": 100.0,
        "PercentSampling": 50.0,
        "PerformedProcedureStepStartTime": "191358.203000",
        "PhotometricInterpretation": "MONOCHROME2",
        "PixelBandwidth": 199.0,
        "PixelRepresentation": 0,
        "PixelSpacing": [
          1.0,
          1.0
        ],
        "PositionReferenceIndicator": "",
        "ProtocolName": "T2 weighted",
        "RepetitionTime": 6800.0,
        "Rows": 256,
        "SAR": 0.50450292172204,
        "SamplesPerPixel": 1,
        "ScanningSequence": "SE",
        "SequenceName": "*tse2d1_17",
        "SequenceVariant": [
          "SK",
          "SP"
        ],
        "SeriesDescription": "T2 weighted",
        "SeriesNumber": 4,
        "SeriesTime": "191657.343000",
        "SliceThickness": 4.0,
        "SmallestImagePixelValue": 0,
        "SoftwareVersions": "syngo MR B17",
        "SpacingBetweenSlices": 4.0,
        "SpecificCharacterSet": "ISO_IR 100",
        "StudyID": "1",
        "StudyTime": "191358.156000",
        "TransmitCoilName": "Body",
        "VariableFlipAngleFlag": "N",
        "WindowCenterWidthExplanation": "Algo1",
        "dBdt": 0.0
      },
