{
  "aor": 0.0019028658536585368,
  "aqi": 0.0038560587804878053,
  "bids_meta": {
    "AcquisitionMatrixPE": 64,
    "AcquisitionNumber": 1,
    "AcquisitionTime": "14:53:21.130000",
    "BandwidthPerPixelPhaseEncode": 26.483,
    "BaseResolution": 64,
    "BodyPartExamined": "HEAD",
    "CogAtlasID": "TODO",
    "ConversionSoftware": "dcm2niix",
    "ConversionSoftwareVersion": "v1.0.20171017 GCC6.3.0",
    "DerivedVendorReportedEchoSpacing": 0.000590001,
    "DeviceSerialNumber": "35177",
    "DwellTime": 4.1e-06,
    "EchoTime": 0.027,
    "EffectiveEchoSpacing": 0.000590001,
    "FlipAngle": 90,
    "ImageOrientationPatientDICOM": [
      0.991832,
      -0.0890507,
      -0.091315,
      0.104461,
      0.977932,
      0.180935
    ],
    "ImageType": [
      "ORIGINAL",
      "PRIMARY",
      "M",
      "ND",
      "NORM",
      "MOSAIC"
    ],
    "InPlanePhaseEncodingDirectionDICOM": "COL",
    "InstitutionAddress": "Scott_Ave._4525_St._Louis_MO_US_63110",
    "InstitutionName": "Washington_University",
    "InstitutionalDepartmentName": "Department",
    "MRAcquisitionType": "2D",
    "MagneticFieldStrength": 3,
    "Manufacturer": "Siemens",
    "ManufacturersModelName": "TrioTim",
    "Modality": "MR",
    "PartialFourier": 1,
    "PatientPosition": "HFS",
    "PercentPhaseFOV": 100,
    "PhaseEncodingDirection": "j-",
    "PhaseEncodingSteps": 64,
    "PhaseResolution": 1,
    "PixelBandwidth": 1905,
    "ProcedureStepDescription": "head_GREENE",
    "ProtocolName": "ep2d_bold_ad_movie_2B",
    "PulseSequenceDetails": "%SiemensSeq%_ep2d_bold",
    "ReceiveCoilName": "HeadMatrix",
    "ReconMatrixPE": 64,
    "RepetitionTime": 2.5,
    "SAR": 0.137184,
    "ScanOptions": "FS",
    "ScanningSequence": "EP",
    "SequenceName": "_epfid2d1_64",
    "SequenceVariant": "SK",
    "SeriesDescription": "ep2d_bold_ad_movie_2B",
    "SeriesNumber": 13,
    "ShimSetting": [
      -282,
      -19604,
      7935,
      122,
      130,
      -777,
      305,
      50
    ],
    "SliceThickness": 4,
    "SliceTiming": [
      1.255,
      0,
      1.3325,
      0.0775,
      1.4125,
      0.1575,
      1.49,
      0.235,
      1.5675,
      0.3125,
      1.6475,
      0.3925,
      1.725,
      0.47,
      1.8025,
      0.5475,
      1.8825,
      0.6275,
      1.96,
      0.705,
      2.0375,
      0.785,
      2.1175,
      0.8625,
      2.195,
      0.94,
      2.275,
      1.02,
      2.3525,
      1.0975,
      2.43,
      1.175
    ],
    "SoftwareVersions": "syngo_MR_B17",
    "SpacingBetweenSlices": 4,
    "StationName": "MRC35177",
    "TaskName": "restmovieadaptive",
    "TotalReadoutTime": 0.0371701,
    "TxRefAmp": 344.841,
    "dataset": "ds000256",
    "dcmmeta_affine": [
      [
        -3.967329740524292,
        0.4178432524204254,
        -0.29274997115135193,
        121.53976440429688
      ],
      [
        0.35620298981666565,
        3.911726951599121,
        0.7559839487075806,
        -151.08261108398438
      ],
      [
        -0.3652600049972534,
        -0.7237393856048584,
        3.9169888496398926,
        9.592391014099121
      ],
      [
        0.0,
        0.0,
        0.0,
        1.0
      ]
    ],
    "dcmmeta_reorient_transform": [
      [
        0.0,
        -1.0,
        0.0,
        63.0
      ],
      [
        1.0,
        0.0,
        0.0,
        0.0
      ],
      [
        0.0,
        0.0,
        1.0,
        0.0
      ],
      [
        0.0,
        0.0,
        0.0,
        1.0
      ]
    ],
    "dcmmeta_shape": [
      64,
      64,
      32,
      164
    ],
    "dcmmeta_slice_dim": 2,
    "dcmmeta_version": 0.6,
    "global": {
      "const": {
        "AccessionNumber": ".",
        "AcquisitionMatrix": [
          64,
          0,
          0,
          64
        ],
        "AngioFlag": "N",
        "BitsAllocated": 16,
        "BitsStored": 12,
        "BodyPartExamined": "HEAD",
        "Columns": 384,
        "DeidentificationMethodCodeSequence": [
          {
            "CodeMeaning": "XNAT Edit Script",
            "CodeValue": "625500",
            "CodingSchemeDesignator": "XNAT",
            "CodingSchemeVersion": "0.1"
          }
        ],
        "EchoNumbers": 1,
        "EchoTime": 27.0,
        "EchoTrainLength": 1,
        "FlipAngle": 90.0,
        "HighBit": 11,
        "ImageOrientationPatient": [
          0.99183241259373,
          -0.0890507476061,
          -0.0913150024875,
          0.10446081326655,
          0.97793175501155,
          0.18093485300439
        ],
        "ImagePositionPatient": [
          -849.49155281119,
          -664.24003949918,
          -93.359896011769
        ],
        "ImageType": [
          "ORIGINAL",
          "PRIMARY",
          "M",
          "ND",
          "NORM",
          "MOSAIC"
        ],
        "ImagedNucleus": "1H",
        "ImagingFrequency": 123.255905,
        "InPlanePhaseEncodingDirection": "COL",
        "MRAcquisitionType": "2D",
        "MagneticFieldStrength": 3.0,
        "Manufacturer": "SIEMENS",
        "ManufacturerModelName": "TrioTim",
        "Modality": "MR",
        "NumberOfAverages": 1.0,
        "NumberOfPhaseEncodingSteps": 64,
        "PercentPhaseFieldOfView": 100.0,
        "PercentSampling": 100.0,
        "PerformedProcedureStepStartTime": "135658.187000",
        "PhotometricInterpretation": "MONOCHROME2",
        "PixelBandwidth": 1905.0,
        "PixelRepresentation": 0,
        "PixelSpacing": [
          4.0,
          4.0
        ],
        "PositionReferenceIndicator": "",
        "ProtocolName": "ep2d_bold_ad_movie_2B",
        "RepetitionTime": 2500.0,
        "Rows": 384,
        "SAR": 0.13718380758672,
        "SamplesPerPixel": 1,
        "ScanOptions": "FS",
        "ScanningSequence": "EP",
        "SequenceName": "*epfid2d1_64",
        "SequenceVariant": "SK",
        "SeriesDescription": "ep2d_bold_ad_movie_2B",
        "SeriesNumber": 13,
        "SeriesTime": "145323.078000",
        "SliceLocation": -28.055860470488,
        "SliceThickness": 4.0,
        "SmallestImagePixelValue": 0,
        "SoftwareVersions": "syngo MR B17",
        "SpacingBetweenSlices": 4.0000020488028,
        "SpecificCharacterSet": "ISO_IR 100",
        "StudyID": "1",
        "StudyTime": "135658.140000",
        "TransmitCoilName": "Body",
        "VariableFlipAngleFlag": "N",
        "WindowCenterWidthExplanation": "Algo1",
        "dBdt": 0.0
      },
