{
  "aor": 0.10522398773006136,
  "aqi": 0.03935930865030675,
  "bids_meta": {
    "AcquisitionMatrixPE": 64,
    "AcquisitionNumber": 1,
    "AcquisitionTime": "09:29:29.380000",
    "BandwidthPerPixelPhaseEncode": 26.483,
    "BaseResolution": 64,
    "BodyPartExamined": "HEAD",
    "CogAtlasID": "TODO",
    "ConversionSoftware": "dcm2niix",
    "ConversionSoftwareVersion": "v1.0.20171017 GCC6.3.0",
    "DerivedVendorReportedEchoSpacing": 0.000590001,
    "DeviceSerialNumber": "35177",
    "DwellTime": 4.1e-06,
    "EchoTime": 0.027,
    "EffectiveEchoSpacing": 0.000590001,
    "FlipAngle": 90,
    "ImageOrientationPatientDICOM": [
      0.994727,
      -0.0898032,
      -0.0495321,
      0.0932865,
      0.992946,
      0.0731822
    ],
    "ImageType": [
      "ORIGINAL",
      "PRIMARY",
      "M",
      "ND",
      "NORM",
      "MOSAIC"
    ],
    "InPlanePhaseEncodingDirectionDICOM": "COL",
    "InstitutionAddress": "Scott_Ave._4525_St._Louis_MO_US_63110",
    "InstitutionName": "Washington_University",
    "InstitutionalDepartmentName": "Department",
    "MRAcquisitionType": "2D",
    "MagneticFieldStrength": 3,
    "Manufacturer": "Siemens",
    "ManufacturersModelName": "TrioTim",
    "Modality": "MR",
    "PartialFourier": 1,
    "PatientPosition": "HFS",
    "PercentPhaseFOV": 100,
    "PhaseEncodingDirection": "j-",
    "PhaseEncodingSteps": 64,
    "PhaseResolution": 1,
    "PixelBandwidth": 1905,
    "ProcedureStepDescription": "head_GREENE",
    "ProtocolName": "ep2d_bold_rest1",
    "PulseSequenceDetails": "%SiemensSeq%_ep2d_bold",
    "ReceiveCoilName": "HeadMatrix",
    "ReconMatrixPE": 64,
    "RepetitionTime": 2.5,
    "SAR": 0.134691,
    "ScanOptions": "FS",
    "ScanningSequence": "EP",
    "SequenceName": "_epfid2d1_64",
    "SequenceVariant": "SK",
    "SeriesDescription": "ep2d_bold_rest1",
    "SeriesNumber": 5,
    "ShimSetting": [
      -243,
      -19530,
      8058,
      363,
      207,
      -450,
      436,
      3
    ],
    "SliceThickness": 4,
    "SliceTiming": [
      1.255,
      0,
      1.3325,
      0.08,
      1.4125,
      0.1575,
      1.49,
      0.235,
      1.57,
      0.315,
      1.6475,
      0.3925,
      1.725,
      0.47,
      1.805,
      0.55,
      1.8825,
      0.6275,
      1.96,
      0.7075,
      2.04,
      0.785,
      2.1175,
      0.8625,
      2.1975,
      0.9425,
      2.275,
      1.02,
      2.3525,
      1.0975,
      2.4325,
      1.1775
    ],
    "SoftwareVersions": "syngo_MR_B17",
    "SpacingBetweenSlices": 4,
    "StationName": "MRC35177",
    "TaskName": "restbaseline",
    "TotalReadoutTime": 0.0371701,
    "TxRefAmp": 352.168,
    "dataset": "ds000256",
    "dcmmeta_affine": [
      [
        -3.9789083003997803,
        0.37314608693122864,
        -0.17044295370578766,
        124.97509002685547
      ],
      [
        0.35921287536621094,
        3.9717843532562256,
        0.30966800451278687,
        -148.0855712890625
      ],
      [
        -0.19812849164009094,
        -0.2927287817001343,
        3.984351873397827,
        -17.098648071289062
      ],
      [
        0.0,
        0.0,
        0.0,
        1.0
      ]
    ],
    "dcmmeta_reorient_transform": [
      [
        0.0,
        -1.0,
        0.0,
        63.0
      ],
      [
        1.0,
        0.0,
        0.0,
        0.0
      ],
      [
        0.0,
        0.0,
        1.0,
        0.0
      ],
      [
        0.0,
        0.0,
        0.0,
        1.0
      ]
    ],
    "dcmmeta_shape": [
      64,
      64,
      32,
      164
    ],
    "dcmmeta_slice_dim": 2,
    "dcmmeta_version": 0.6,
    "global": {
      "const": {
        "AccessionNumber": ".",
        "AcquisitionMatrix": [
          64,
          0,
          0,
          64
        ],
        "AngioFlag": "N",
        "BitsAllocated": 16,
        "BitsStored": 12,
        "BodyPartExamined": "HEAD",
        "Columns": 384,
        "DeidentificationMethodCodeSequence": [
          {
            "CodeMeaning": "XNAT Edit Script",
            "CodeValue": "625500",
            "CodingSchemeDesignator": "XNAT",
            "CodingSchemeVersion": "0.1"
          }
        ],
        "EchoNumbers": 1,
        "EchoTime": 27.0,
        "EchoTrainLength": 1,
        "FlipAngle": 90.0,
        "HighBit": 11,
        "ImageOrientationPatient": [
          0.99472707311891,
          -0.0898032221544,
          -0.049532123869,
          0.09328652331711,
          0.99294611675367,
          0.07318219586215
        ],
        "ImagePositionPatient": [
          -844.81199806262,
          -680.14829848739,
          -50.676606731167
        ],
        "ImageType": [
          "ORIGINAL",
          "PRIMARY",
          "M",
          "ND",
          "NORM",
          "MOSAIC"
        ],
        "ImagedNucleus": "1H",
        "ImagingFrequency": 123.255933,
        "InPlanePhaseEncodingDirection": "COL",
        "MRAcquisitionType": "2D",
        "MagneticFieldStrength": 3.0,
        "Manufacturer": "SIEMENS",
        "ManufacturerModelName": "TrioTim",
        "Modality": "MR",
        "NumberOfAverages": 1.0,
        "NumberOfPhaseEncodingSteps": 64,
        "PercentPhaseFieldOfView": 100.0,
        "PercentSampling": 100.0,
        "PerformedProcedureStepStartTime": "092346.593000",
        "PhotometricInterpretation": "MONOCHROME2",
        "PixelBandwidth": 1905.0,
        "PixelRepresentation": 0,
        "PixelSpacing": [
          4.0,
          4.0
        ],
        "PositionReferenceIndicator": "",
        "ProtocolName": "ep2d_bold_rest1",
        "RepetitionTime": 2500.0,
        "Rows": 384,
        "SAR": 0.13469106350211,
        "SamplesPerPixel": 1,
        "ScanOptions": "FS",
        "ScanningSequence": "EP",
        "SequenceName": "*epfid2d1_64",
        "SequenceVariant": "SK",
        "SeriesDescription": "ep2d_bold_rest1",
        "SeriesNumber": 5,
        "SeriesTime": "092932.250000",
        "SliceLocation": -33.821374210578,
        "SliceThickness": 4.0,
        "SmallestImagePixelValue": 0,
        "SoftwareVersions": "syngo MR B17",
        "SpacingBetweenSlices": 4.0000006081492,
        "SpecificCharacterSet": "ISO_IR 100",
        "StudyID": "1",
        "StudyTime": "092346.546000",
        "TransmitCoilName": "Body",
        "VariableFlipAngleFlag": "N",
        "WindowCenterWidthExplanation": "Algo1",
        "dBdt": 0.0
      },
