{
  "bids_meta": {
    "AcquisitionMatrixPE": 258,
    "AcquisitionNumber": 1,
    "AcquisitionTime": "14:38:51.205000",
    "BaseResolution": 256,
    "BodyPartExamined": "HEAD",
    "ConversionSoftware": "dcm2niix",
    "ConversionSoftwareVersion": "v1.0.20171017 GCC6.3.0",
    "DeviceSerialNumber": "35177",
    "DwellTime": 2.6e-06,
    "EchoTime": 0.479,
    "EchoTrainLength": 141,
    "FlipAngle": 120,
    "ImageOrientationPatientDICOM": [
      -0.0614056,
      0.852408,
      0.519259,
      0.0131257,
      0.520886,
      -0.853526
    ],
    "ImageType": [
      "ORIGINAL",
      "PRIMARY",
      "M",
      "ND",
      "NORM"
    ],
    "InPlanePhaseEncodingDirectionDICOM": "ROW",
    "InstitutionAddress": "Scott_Ave._4525_St._Louis_MO_US_63110",
    "InstitutionName": "Washington_University",
    "InstitutionalDepartmentName": "Department",
    "MRAcquisitionType": "3D",
    "MagneticFieldStrength": 3,
    "Manufacturer": "Siemens",
    "ManufacturersModelName": "TrioTim",
    "Modality": "MR",
    "ParallelReductionFactorInPlane": 2,
    "PartialFourier": 1,
    "PatientPosition": "HFS",
    "PercentPhaseFOV": 100,
    "PhaseEncodingSteps": 246,
    "PhaseResolution": 1.00781,
    "PixelBandwidth": 751,
    "ProcedureStepDescription": "head_GREENE",
    "ProtocolName": "T2_.8x.8x.8_224Slices",
    "PulseSequenceDetails": "%SiemensSeq%_tse_vfl",
    "ReceiveCoilName": "HeadMatrix",
    "ReconMatrixPE": 256,
    "RepetitionTime": 3.2,
    "SAR": 0.256374,
    "ScanOptions": "PFP",
    "ScanningSequence": "SE",
    "SequenceName": "_spc3d1_282ns",
    "SequenceVariant": "SK_SP",
    "SeriesDescription": "T2_.8x.8x.8_224Slices",
    "SeriesNumber": 14,
    "ShimSetting": [
      -208,
      -19588,
      8021,
      480,
      137,
      -341,
      -143,
      -36
    ],
    "SliceThickness": 0.8,
    "SoftwareVersions": "syngo_MR_B17",
    "StationName": "MRC35177",
    "TxRefAmp": 343.009,
    "dataset": "ds000256",
    "modality": "T2w",
    "subject_id": "CTS225"
  },
  "cjv": 1.2080293524639785,
  "cnr": 1.0286195517368089,
  "efc": 0.6043703791130491,
  "fber": 771.3628851201579,
  "fwhm_avg": 2.1220995634985695,
  "fwhm_x": 2.0168961539103436,
  "fwhm_y": 2.3468956097560976,
  "fwhm_z": 2.0025069268292683,
  "icvs_csf": 0.35572964573565036,
  "icvs_gm": 0.10820837145808718,
  "icvs_wm": 0.5360619828062625,
  "inu_med": 1.1596863269805908,
  "inu_range": 0.2988497734069826,
  "provenance": {
    "md5sum": "4e1433ddeb2a4ed39102b1ac240ee72b",
    "settings": {
      "testing": false
    },
    "software": "mriqc",
    "version": "22.0.0rc1",
    "warnings": {
      "large_rot_frame": true,
      "small_air_mask": false
    },
    "webapi_port": null,
    "webapi_url": "https://mriqc.nimh.nih.gov/api/v1"
  },
  "qi_1": 0.0,
  "qi_2": 0.0019156788456725594,
  "rpve_csf": 25.347172265200026,
  "rpve_gm": 106.06061386721625,
  "rpve_wm": 17.954886547822166,
  "size_x": 220,
  "size_y": 256,
  "size_z": 256,
  "snr_csf": 7.128888718084198,
  "snr_gm": 2.1452089037297237,
  "snr_total": 5.010769164339866,
  "snr_wm": 5.758209871205676,
  "snrd_csf": 31.28791664369759,
  "snrd_gm": 38.487407985682914,
  "snrd_total": 29.790263521813433,
  "snrd_wm": 19.5954659360598,
  "spacing_x": 2.3999996185302734,
  "spacing_y": 0.80078125,
  "spacing_z": 0.80078125,
  "summary_bg_k": 129.09759149579102,
  "summary_bg_mad": 35.00940574625338,
  "summary_bg_mean": 47.18815737835859,
  "summary_bg_median": 23.691161274909973,
  "summary_bg_n": 1646380.0,
  "summary_bg_p05": 0.0,
  "summary_bg_p95": 130.1071971654892,
  "summary_bg_stdv": 104.99867878527778,
  "summary_csf_k": 0.7687746034244709,
  "summary_csf_mad": 214.66293523360625,
  "summary_csf_mean": 1686.1983694818678,
  "summary_csf_median": 1671.974578499794,
  "summary_csf_n": 228000.0,
  "summary_csf_p05": 1326.1612998247147,
  "summary_csf_p95": 2094.065628886223,
  "summary_csf_stdv": 234.5345786705137,
  "summary_gm_k": -0.974188461434764,
  "summary_gm_mad": 1040.8388458376253,
  "summary_gm_mean": 1849.6748060934729,
  "summary_gm_median": 2056.7035024166107,
  "summary_gm_n": 99667.0,
  "summary_gm_p05": 439.024405002594,
  "summary_gm_p95": 3353.169290912151,
  "summary_gm_stdv": 958.7379489889599,
  "summary_wm_k": 0.314599176024442,
  "summary_wm_mad": 178.73222933613567,
  "summary_wm_mean": 1051.7157184945972,
  "summary_wm_median": 1047.1493283510208,
  "summary_wm_n": 405652.0,
  "summary_wm_p05": 761.3795502185822,
  "summary_wm_p95": 1355.3674527406693,
  "summary_wm_stdv": 181.85305174225735,
  "tpm_overlap_csf": 0.0951675996184349,
  "tpm_overlap_gm": 0.08013146370649338,
  "tpm_overlap_wm": 0.30779069662094116,
  "wm2max": 0.2959407286984491
}